GEM
  remote: https://rubygems.org/
  specs:
    chunky_png (1.3.0)

PLATFORMS
  ruby

DEPENDENCIES
  chunky_png
